GIT
  remote: git://github.com/kristianmandrup/virtus.git
  revision: 9ca622f9ec3924665a0134c70f239d676b056ae9
  specs:
    virtus (0.5.1)
      backports (~> 2.6.1)

GEM
  remote: http://rubygems.org/
  specs:
    activemodel (3.2.7)
      activesupport (= 3.2.7)
      builder (~> 3.0.0)
    activesupport (3.2.7)
      i18n (~> 0.6)
      multi_json (~> 1.0)
    backports (2.6.2)
    builder (3.0.0)
    diff-lcs (1.1.3)
    git (1.2.5)
    i18n (0.6.0)
    imperator (0.2.0)
      activemodel
      uuidtools
      virtus
    jeweler (1.8.4)
      bundler (~> 1.0)
      git (>= 1.2.5)
      rake
      rdoc
    json (1.7.4)
    multi_json (1.3.6)
    rake (0.9.2.2)
    rdoc (3.12)
      json (~> 1.4)
    rspec (2.11.0)
      rspec-core (~> 2.11.0)
      rspec-expectations (~> 2.11.0)
      rspec-mocks (~> 2.11.0)
    rspec-core (2.11.1)
    rspec-expectations (2.11.2)
      diff-lcs (~> 1.1.3)
    rspec-mocks (2.11.1)
    simplecov (0.6.4)
      multi_json (~> 1.0)
      simplecov-html (~> 0.5.3)
    simplecov-html (0.5.3)
    uuidtools (2.1.3)

PLATFORMS
  ruby

DEPENDENCIES
  bundler (>= 1.0.0)
  imperator
  jeweler (~> 1.8.4)
  rdoc (>= 3.12)
  rspec (>= 2.8.0)
  simplecov (>= 0.5)
  virtus!
