GIT
  remote: git://github.com/kristianmandrup/virtus.git
  revision: 900f903e8198e1ff5e3443643321eced8174d8b0
  specs:
    virtus (0.5.1)
      backports (~> 2.6.1)

GEM
  remote: http://rubygems.org/
  specs:
    activemodel (3.2.13)
      activesupport (= 3.2.13)
      builder (~> 3.0.0)
    activesupport (3.2.13)
      i18n (= 0.6.1)
      multi_json (~> 1.0)
    backports (2.6.7)
    builder (3.0.4)
    diff-lcs (1.2.1)
    git (1.2.5)
    i18n (0.6.1)
    imperator (0.2.0)
      activemodel
      uuidtools
      virtus
    jeweler (1.8.4)
      bundler (~> 1.0)
      git (>= 1.2.5)
      rake
      rdoc
    json (1.7.7)
    mongoid (3.1.2)
      activemodel (~> 3.2)
      moped (~> 1.4.2)
      origin (~> 1.0)
      tzinfo (~> 0.3.22)
    moped (1.4.3)
    multi_json (1.7.1)
    origin (1.0.11)
    rake (10.0.3)
    rdoc (4.0.0)
      json (~> 1.4)
    rspec (2.13.0)
      rspec-core (~> 2.13.0)
      rspec-expectations (~> 2.13.0)
      rspec-mocks (~> 2.13.0)
    rspec-core (2.13.1)
    rspec-expectations (2.13.0)
      diff-lcs (>= 1.1.3, < 2.0)
    rspec-mocks (2.13.0)
    simplecov (0.7.1)
      multi_json (~> 1.0)
      simplecov-html (~> 0.7.1)
    simplecov-html (0.7.1)
    tzinfo (0.3.37)
    uuidtools (2.1.3)

PLATFORMS
  ruby

DEPENDENCIES
  bundler (>= 1.1.0)
  imperator
  jeweler (>= 1.8.4)
  mongoid (>= 3.1)
  rdoc (>= 3.12)
  rspec (>= 2.12)
  simplecov (>= 0.5)
  virtus!
